GEM
  remote: https://rubygems.org/
  specs:
    ast (2.0.0)
    coap (0.0.16)
      resolv-ipv6favor
    coveralls (0.7.0)
      multi_json (~> 1.3)
      rest-client
      simplecov (>= 0.7)
      term-ansicolor
      thor
    docile (1.1.5)
    json (1.8.1)
    mime-types (2.3)
    multi_json (1.10.1)
    netrc (0.7.7)
    openssl-ccm (1.1.1)
    openssl-cmac (2.0.0)
    parser (2.2.0.pre.3)
      ast (>= 1.1, < 3.0)
      slop (~> 3.4, >= 3.4.5)
    powerpack (0.0.9)
    rainbow (2.0.0)
    rake (10.3.2)
    rdoc (4.1.1)
      json (~> 1.4)
    redis (3.1.0)
    resolv-ipv6favor (0.0.0)
    rest-client (1.7.1)
      mime-types (>= 1.16, < 3.0)
      netrc (~> 0.7)
    rubocop (0.24.1)
      json (>= 1.7.7, < 2)
      parser (>= 2.2.0.pre.3, < 3.0)
      powerpack (~> 0.0.6)
      rainbow (>= 1.99.1, < 3.0)
      ruby-progressbar (~> 1.4)
    ruby-progressbar (1.5.1)
    simplecov (0.8.2)
      docile (~> 1.1.0)
      multi_json
      simplecov-html (~> 0.8.0)
    simplecov-html (0.8.0)
    slop (3.5.0)
    term-ansicolor (1.3.0)
      tins (~> 1.0)
    thor (0.19.1)
    tins (1.3.0)
    yard (0.8.7.4)

PLATFORMS
  ruby

DEPENDENCIES
  coap (>= 0.0.16)
  coveralls (>= 0.7.0)
  openssl-ccm (>= 1.1.1)
  openssl-cmac (>= 2.0.0)
  rake (>= 10.2.2)
  rdoc (>= 4.1.1)
  redis (>= 3.1.0)
  rubocop (>= 0.18.1)
  yard (>= 0.8.7.3)
