GIT
  remote: git@gitlab.gobi.tzi.de:gobi/gem-coap.git
  revision: b7c646aa9ad8f3b36cd15d39925421379c73fae4
  branch: stable
  specs:
    coap (0.0.7)
      resolv-ipv6favor

GEM
  remote: https://rubygems.org/
  specs:
    activemodel (4.1.1)
      activesupport (= 4.1.1)
      builder (~> 3.1)
    activerecord (4.1.1)
      activemodel (= 4.1.1)
      activesupport (= 4.1.1)
      arel (~> 5.0.0)
    activesupport (4.1.1)
      i18n (~> 0.6, >= 0.6.9)
      json (~> 1.7, >= 1.7.7)
      minitest (~> 5.1)
      thread_safe (~> 0.1)
      tzinfo (~> 1.1)
    arel (5.0.1.20140414130214)
    ast (2.0.0)
    builder (3.2.2)
    coveralls (0.7.0)
      multi_json (~> 1.3)
      rest-client
      simplecov (>= 0.7)
      term-ansicolor
      thor
    docile (1.1.3)
    i18n (0.6.9)
    json (1.8.1)
    mime-types (2.3)
    minitest (5.3.4)
    multi_json (1.10.1)
    openssl-ccm (1.1.1)
    openssl-cmac (2.0.0)
    parser (2.1.9)
      ast (>= 1.1, < 3.0)
      slop (~> 3.4, >= 3.4.5)
    powerpack (0.0.9)
    rainbow (2.0.0)
    rake (10.3.2)
    rdoc (4.1.1)
      json (~> 1.4)
    resolv-ipv6favor (0.0.0)
    rest-client (1.6.7)
      mime-types (>= 1.16)
    rubocop (0.22.0)
      json (>= 1.7.7, < 2)
      parser (~> 2.1.9)
      powerpack (~> 0.0.6)
      rainbow (>= 1.99.1, < 3.0)
      ruby-progressbar (~> 1.4)
    ruby-progressbar (1.5.1)
    simplecov (0.8.2)
      docile (~> 1.1.0)
      multi_json
      simplecov-html (~> 0.8.0)
    simplecov-html (0.8.0)
    slop (3.5.0)
    sqlite3 (1.3.9)
    term-ansicolor (1.3.0)
      tins (~> 1.0)
    thor (0.19.1)
    thread_safe (0.3.3)
    tins (1.3.0)
    tzinfo (1.1.0)
      thread_safe (~> 0.1)
    yard (0.8.7.4)

PLATFORMS
  ruby

DEPENDENCIES
  activerecord (>= 4.0.0)
  coap!
  coveralls (>= 00.7.0)
  openssl-ccm (>= 1.1.1)
  openssl-cmac (>= 2.0.0)
  rake (>= 10.2.2)
  rdoc (>= 4.1.1)
  rubocop (>= 0.18.1)
  sqlite3 (>= 1.3.9)
  yard (>= 0.8.7.3)
